GIT
  remote: https://github.com/irrationalfab/PrettyBacon.git
  revision: 1eeb06f7d381acd65414b86b42fdf3538faae01c
  branch: master
  specs:
    prettybacon (0.0.2)
      bacon (~> 1.2)

GEM
  remote: https://rubygems.org/
  specs:
    addressable (2.8.0)
      public_suffix (>= 2.0.2, < 5.0)
    aggregate (0.2.2)
    arel (5.0.1.20140414130214)
    bacon (1.2.0)
    connection_pool (2.0.0)
    daemons (1.4.1)
    data_objects (0.10.17)
      addressable (~> 2.1)
    dm-core (1.2.1)
      addressable (~> 2.3)
    dm-do-adapter (1.2.0)
      data_objects (~> 0.10.6)
      dm-core (~> 1.2.0)
    dm-postgres-adapter (1.2.0)
      dm-do-adapter (~> 1.2.0)
      do_postgres (~> 0.10.6)
    do_postgres (0.10.17)
      data_objects (= 0.10.17)
    dotenv (0.11.1)
      dotenv-deployment (~> 0.0.2)
    dotenv-deployment (0.0.2)
    eventmachine (1.2.7)
    flounder (0.17.0)
      aggregate (~> 0.2, >= 0.2.2)
      arel (~> 5, > 5.0.1)
      connection_pool (~> 2)
      hashie (~> 3, >= 3.2)
      pg (~> 0.17)
      pg-hstore (~> 1.2, >= 1.2.0)
    foreman (0.75.0)
      dotenv (~> 0.11.1)
      thor (~> 0.19.1)
    hashie (3.3.1)
    pg (0.17.1)
    pg-hstore (1.2.0)
    proxies (0.2.1)
    public_suffix (4.0.6)
    rack (1.5.2)
    rack-protection (1.5.3)
      rack
    rake (10.4.0)
    s3 (0.3.23)
      proxies (~> 0.2.0)
    sequel (4.11.0)
    sinatra (1.4.5)
      rack (~> 1.4)
      rack-protection (~> 1.4)
      tilt (~> 1.3, >= 1.3.4)
    terminal-table (1.4.5)
    thin (1.8.1)
      daemons (~> 1.0, >= 1.0.9)
      eventmachine (~> 1.0, >= 1.0.4)
      rack (>= 1, < 3)
    thor (0.19.1)
    tilt (1.4.1)

PLATFORMS
  ruby

DEPENDENCIES
  bacon
  dm-core
  dm-do-adapter
  dm-postgres-adapter
  flounder
  foreman
  pg
  prettybacon!
  rake
  s3
  sequel
  sinatra
  terminal-table
  thin (~> 1.8)

BUNDLED WITH
   1.15.4
